GEM
  remote: https://rubygems.org/
  specs:
    ast (2.3.0)
    babel-source (5.8.35)
    babel-transpiler (0.7.0)
      babel-source (>= 4.0, < 6)
      execjs (~> 2.0)
    daemons (1.2.4)
    eventmachine (1.0.9.1)
    execjs (2.7.0)
    mail (2.6.4)
      mime-types (>= 1.16, < 4)
    mailcatcher (0.6.5)
      eventmachine (= 1.0.9.1)
      mail (~> 2.3)
      rack (~> 1.5)
      sinatra (~> 1.2)
      skinny (~> 0.2.3)
      sqlite3 (~> 1.3)
      thin (~> 1.5.0)
    mime-types (3.1)
      mime-types-data (~> 3.2015)
    mime-types-data (3.2016.0521)
    msgpack (1.0.2)
    neovim (0.3.1)
      msgpack (~> 1.0)
    oj (2.18.0)
    parser (2.3.3.1)
      ast (~> 2.2)
    rack (1.6.5)
    rack-protection (1.5.3)
      rack
    rkelly-remix (0.0.7)
    ruby-progressbar (1.8.1)
    sinatra (1.4.7)
      rack (~> 1.5)
      rack-protection (~> 1.4)
      tilt (>= 1.3, < 3)
    skinny (0.2.4)
      eventmachine (~> 1.0.0)
      thin (>= 1.5, < 1.7)
    sourcemap (0.1.1)
    sqlite3 (1.3.12)
    starscope (1.5.3)
      babel-transpiler (~> 0.7)
      oj (~> 2.9)
      parser (>= 2.2.2)
      rkelly-remix (~> 0.0.7)
      ruby-progressbar (~> 1.5)
      sourcemap (~> 0.1)
    thin (1.5.1)
      daemons (>= 1.0.9)
      eventmachine (>= 0.12.6)
      rack (>= 1.0.0)
    tilt (2.0.5)

PLATFORMS
  ruby

DEPENDENCIES
  mailcatcher
  neovim
  starscope

BUNDLED WITH
   1.13.7
