GEM
  specs:

PLATFORMS
  ruby
  x86_64-linux

DEPENDENCIES

BUNDLED WITH
   2.5.18
